GEM
  remote: https://rubygems.org/
  specs:
    dotenv (2.8.1)
    rake (13.0.6)

PLATFORMS
  ruby

DEPENDENCIES
  dotenv
  rake

BUNDLED WITH
   2.1.4
